GEM
  remote: http://rubygems.org/
  specs:
    bio (1.4.1)
    bio-assembly (0.0.2)
    bio-gem (0.1.1)
    bio-gff3 (0.6.0)
    bio-isoelectric_point (0.1.0)
    git (1.2.5)
    jeweler (1.5.2)
      bundler (~> 1.0.0)
      git (>= 1.2.5)
      rake
    rake (0.8.7)
    rcov (0.9.9)
    shoulda (2.11.3)

PLATFORMS
  ruby

DEPENDENCIES
  bio (>= 1.4.1)
  bio-assembly
  bio-gem
  bio-gff3
  bio-isoelectric_point
  bundler (~> 1.0.0)
  jeweler (~> 1.5.2)
  rcov
  shoulda
